GEM
  remote: http://rubygems.org/
  specs:
    git (1.2.5)
    jeweler (1.6.4)
      bundler (~> 1.0)
      git (>= 1.2.5)
      rake
    mini_portile2 (2.5.1)
    minitest (2.6.0)
    net-http-persistent (1.9)
    nokogiri (1.11.4)
      mini_portile2 (~> 2.5.0)
      racc (~> 1.4)
    racc (1.5.2)
    rake (13.0.3)
    rcov (0.9.10)

PLATFORMS
  ruby

DEPENDENCIES
  bundler (~> 1.0.0)
  jeweler (~> 1.6.4)
  minitest
  net-http-persistent (~> 1.9)
  nokogiri (~> 1.11)
  rcov
